PATH
  remote: ../
  specs:
    atrs (0.0.1)

GEM
  remote: https://rubygems.org/
  specs:
    axiom-types (0.1.1)
      descendants_tracker (~> 0.0.4)
      ice_nine (~> 0.11.0)
      thread_safe (~> 0.3, >= 0.3.1)
    benchmark-ips (2.7.2)
    coercible (1.0.0)
      descendants_tracker (~> 0.0.1)
    derailed_benchmarks (1.3.1)
      benchmark-ips (~> 2)
      get_process_mem (~> 0)
      heapy (~> 0)
      memory_profiler (~> 0)
      rack (>= 1)
      rake (> 10, < 12)
      thor (~> 0.19)
    descendants_tracker (0.0.4)
      thread_safe (~> 0.3, >= 0.3.1)
    equalizer (0.0.11)
    get_process_mem (0.2.1)
    heapy (0.1.2)
    ice_nine (0.11.2)
    memory_profiler (0.9.7)
    rack (2.0.1)
    rake (11.3.0)
    stackprof (0.2.10)
    thor (0.19.1)
    thread_safe (0.3.5)
    virtus (1.0.5)
      axiom-types (~> 0.1)
      coercible (~> 1.0)
      descendants_tracker (~> 0.0, >= 0.0.3)
      equalizer (~> 0.0, >= 0.0.9)

PLATFORMS
  ruby

DEPENDENCIES
  atrs!
  derailed_benchmarks
  stackprof
  virtus

BUNDLED WITH
   1.13.6
