PATH
  remote: .
  specs:
    atrs (0.0.1)

GEM
  remote: https://rubygems.org/
  specs:
    ast (2.3.0)
    byebug (9.0.6)
    coderay (1.1.1)
    method_source (0.8.2)
    minitest (5.10.1)
    minitest-utils (0.3.1)
      minitest
    parser (2.4.0.0)
      ast (~> 2.2)
    powerpack (0.1.1)
    pry (0.10.4)
      coderay (~> 1.1.0)
      method_source (~> 0.8.1)
      slop (~> 3.4)
    pry-byebug (3.4.2)
      byebug (~> 9.0)
      pry (~> 0.10)
    rainbow (2.2.2)
      rake
    rake (11.3.0)
    rubocop (0.48.1)
      parser (>= 2.3.3.1, < 3.0)
      powerpack (~> 0.1)
      rainbow (>= 1.99.1, < 3.0)
      ruby-progressbar (~> 1.7)
      unicode-display_width (~> 1.0, >= 1.0.1)
    ruby-progressbar (1.8.1)
    slop (3.6.0)
    unicode-display_width (1.2.1)

PLATFORMS
  ruby

DEPENDENCIES
  atrs!
  bundler (~> 1.7)
  minitest (~> 5.9)
  minitest-utils (~> 0.3)
  pry (~> 0.10.4)
  pry-byebug (~> 3.4)
  rake (~> 11.0)
  rubocop (~> 0.48)

BUNDLED WITH
   1.14.6
